GEM
  remote: https://rubygems.org/
  specs:
    backports (3.11.4)
    byebug (9.0.6)
    coderay (1.1.2)
    geckorate (0.1.2)
    hashie (3.5.7)
    jwt (2.1.0)
    method_source (0.9.0)
    minitest (5.10.1)
    multi_json (1.13.1)
    oauth (0.5.4)
    omniauth (1.8.1)
      hashie (>= 3.4.6, < 3.6.0)
      rack (>= 1.6.2, < 3)
    omniauth-oauth (1.1.0)
      oauth
      omniauth (~> 1.0)
    omniauth-twitter (1.4.0)
      omniauth-oauth (~> 1.1)
      rack
    pg (0.19.0)
    pry (0.11.3)
      coderay (~> 1.1.0)
      method_source (~> 0.9.0)
    rack (1.6.10)
    rack-protection (1.5.3)
      rack
    rack-test (0.6.3)
      rack (>= 1.0)
    rake (12.3.1)
    sequel (4.41.0)
    shotgun (0.9.2)
      rack (>= 1.0)
    sinatra (1.4.7)
      rack (~> 1.5)
      rack-protection (~> 1.4)
      tilt (>= 1.3, < 3)
    sinatra-contrib (1.4.7)
      backports (>= 2.0)
      multi_json
      rack-protection
      rack-test
      sinatra (~> 1.4.0)
      tilt (>= 1.3, < 3)
    sinatra-cross_origin (0.3.2)
    tilt (2.0.5)

PLATFORMS
  ruby

DEPENDENCIES
  byebug
  geckorate
  jwt
  minitest
  omniauth-twitter
  pg
  pry
  rack-test
  rake
  sequel
  shotgun
  sinatra
  sinatra-contrib
  sinatra-cross_origin (~> 0.3.1)

BUNDLED WITH
   1.16.4
