GEM
  remote: https://rubygems.org/
  specs:
    byebug (9.0.6)
    coffee-script (2.4.1)
      coffee-script-source
      execjs
    coffee-script-source (1.11.1)
    concurrent-ruby (1.0.2)
    dry-configurable (0.4.0)
      concurrent-ruby (~> 1.0)
    dry-container (0.6.0)
      concurrent-ruby (~> 1.0)
      dry-configurable (~> 0.1, >= 0.1.3)
    dry-core (0.2.1)
      concurrent-ruby (~> 1.0)
    dry-equalizer (0.2.0)
    dry-logic (0.4.0)
      dry-container (~> 0.2, >= 0.2.6)
      dry-core (~> 0.1)
      dry-equalizer (~> 0.2)
    dry-types (0.9.3)
      concurrent-ruby (~> 1.0)
      dry-configurable (~> 0.1)
      dry-container (~> 0.3)
      dry-core (~> 0.2, >= 0.2.1)
      dry-equalizer (~> 0.2)
      dry-logic (~> 0.4, >= 0.4.0)
      inflecto (~> 0.0.0, >= 0.0.2)
    execjs (2.7.0)
    hashie (3.4.6)
    inflecto (0.0.2)
    json (2.0.2)
    minitest (5.10.1)
    multi_json (1.12.1)
    oauth (0.5.1)
    omniauth (1.3.1)
      hashie (>= 1.2, < 4)
      rack (>= 1.0, < 3)
    omniauth-oauth (1.1.0)
      oauth
      omniauth (~> 1.0)
    omniauth-twitter (1.1.0)
      multi_json (~> 1.3)
      omniauth-oauth (~> 1.0)
    pg (0.19.0)
    rack (1.6.5)
    rack-protection (1.5.3)
      rack
    rack-test (0.6.3)
      rack (>= 1.0)
    rake (12.0.0)
    rom (2.0.2)
      concurrent-ruby (~> 1.0)
      dry-equalizer (~> 0.2)
      dry-types (~> 0.8)
      rom-mapper (~> 0.4.0)
      rom-support (~> 2.0)
    rom-mapper (0.4.0)
      dry-equalizer (~> 0.2)
      rom-support (~> 2.0.0)
      transproc (~> 0.4.0)
    rom-repository (0.3.1)
      rom (~> 2.0)
      rom-mapper (~> 0.4)
      rom-support (~> 2.0)
    rom-sql (0.9.0)
      dry-core (~> 0.2)
      dry-equalizer (~> 0.2)
      dry-types (~> 0.9)
      rom (~> 2.0)
      rom-support (~> 2.0)
      sequel (~> 4.25)
    rom-support (2.0.0)
      concurrent-ruby (~> 1.0)
      dry-equalizer (~> 0.2)
      transproc (~> 0.4.0)
      wisper (~> 1.6, >= 1.6.0)
    sass (3.4.22)
    sequel (4.41.0)
    shotgun (0.9.2)
      rack (>= 1.0)
    sinatra (1.4.7)
      rack (~> 1.5)
      rack-protection (~> 1.4)
      tilt (>= 1.3, < 3)
    sprockets (3.7.0)
      concurrent-ruby (~> 1.0)
      rack (> 1, < 3)
    tilt (2.0.5)
    transproc (0.4.1)
    uglifier (3.0.4)
      execjs (>= 0.3.0, < 3)
    wisper (1.6.1)

PLATFORMS
  ruby

DEPENDENCIES
  byebug
  coffee-script
  json
  minitest
  omniauth-twitter
  pg
  rack-test
  rake
  rom-repository
  rom-sql
  sass
  shotgun
  sinatra
  sprockets
  uglifier

BUNDLED WITH
   1.13.2
